GEM
  remote: https://rubygems.org/
  specs:
    adsf (1.1.1)
      rack (>= 1.0.0)
    builder (3.2.2)
    colored (1.2)
    cri (2.3.0)
      colored (>= 1.2)
    excon (0.6.6)
    fog (0.9.0)
      builder
      excon (~> 0.6.1)
      formatador (>= 0.1.3)
      json
      mime-types
      net-scp (>= 1.0.4)
      net-ssh (>= 2.1.4)
      nokogiri (>= 1.4.4)
      ruby-hmac
    formatador (0.2.4)
    fssm (0.2.10)
    json (1.8.0)
    kramdown (1.0.2)
    maruku (0.6.1)
      syntax (>= 1.0.0)
    mime-types (1.23)
    mini_portile (0.5.0)
    nanoc (3.4.3)
      cri (~> 2.2)
    net-scp (1.1.1)
      net-ssh (>= 2.6.5)
    net-ssh (2.6.7)
    nokogiri (1.6.0)
      mini_portile (~> 0.5.0)
    rack (1.5.2)
    ruby-hmac (0.4.0)
    syntax (1.0.0)

PLATFORMS
  ruby

DEPENDENCIES
  adsf
  builder
  fog
  fssm
  json
  kramdown
  maruku
  mime-types
  nanoc (~> 3.4.0)
  nokogiri
  rack
