GEM
  specs:
    adsf (1.1.1)
      rack (>= 1.0.0)
    builder (3.1.4)
    colored (1.2)
    cri (2.3.0)
      colored (>= 1.2)
    excon (0.20.1)
    fog (1.10.0)
      builder
      excon (~> 0.14)
      formatador (~> 0.2.0)
      mime-types
      multi_json (~> 1.0)
      net-scp (~> 1.1)
      net-ssh (>= 2.1.3)
      nokogiri (~> 1.5.0)
      ruby-hmac
    formatador (0.2.4)
    fssm (0.2.9)
    json (1.7.5)
    kramdown (0.14.0)
    maruku (0.6.1)
      syntax (>= 1.0.0)
    mime-types (1.19)
    multi_json (1.7.1)
    nanoc (3.4.2)
      cri (~> 2.2)
    net-scp (1.1.0)
      net-ssh (>= 2.6.5)
    net-ssh (2.6.6)
    nokogiri (1.5.5)
    rack (1.4.1)
    ruby-hmac (0.4.0)
    syntax (1.0.0)

PLATFORMS
  ruby

DEPENDENCIES
  adsf
  builder
  fog
  fssm
  json
  kramdown
  maruku
  mime-types
  nanoc (~> 3.4.0)
  nokogiri
  rack
