GEM
  remote: https://rubygems.org/
  specs:
    adsf (1.1.1)
      rack (>= 1.0.0)
    builder (3.2.0)
    colored (1.2)
    cri (2.3.0)
      colored (>= 1.2)
    excon (0.20.1)
    fog (1.10.1)
      builder
      excon (~> 0.20)
      formatador (~> 0.2.0)
      mime-types
      multi_json (~> 1.0)
      net-scp (~> 1.1)
      net-ssh (>= 2.1.3)
      nokogiri (~> 1.5.0)
      ruby-hmac
    formatador (0.2.4)
    fssm (0.2.10)
    json (1.7.7)
    kramdown (1.0.1)
    maruku (0.6.1)
      syntax (>= 1.0.0)
    mime-types (1.22)
    multi_json (1.7.2)
    nanoc (3.4.3)
      cri (~> 2.2)
    net-scp (1.1.0)
      net-ssh (>= 2.6.5)
    net-ssh (2.6.7)
    nokogiri (1.5.9)
    rack (1.5.2)
    ruby-hmac (0.4.0)
    syntax (1.0.0)

PLATFORMS
  ruby

DEPENDENCIES
  adsf
  builder
  fog
  fssm
  json
  kramdown
  maruku
  mime-types
  nanoc (~> 3.4.0)
  nokogiri
  rack
