GEM
  remote: http://rubygems.org/
  specs:
    adsf (1.1.1)
      rack (>= 1.0.0)
    builder (3.1.4)
    colored (1.2)
    cri (2.3.0)
      colored (>= 1.2)
    fssm (0.2.9)
    json (1.7.5)
    kramdown (0.14.0)
    maruku (0.6.1)
      syntax (>= 1.0.0)
    mime-types (1.19)
    nanoc (3.4.2)
      cri (~> 2.2)
    nokogiri (1.5.5)
    rack (1.4.1)
    syntax (1.0.0)

PLATFORMS
  ruby

DEPENDENCIES
  adsf
  builder
  fssm
  json
  kramdown
  maruku
  mime-types
  nanoc (~> 3.4.0)
  nokogiri
  rack
