GEM
  remote: http://rubygems.org/
  specs:
    builder (3.0.0)
    cri (2.0.2)
    fssm (0.2.7)
    json (1.5.3)
    kramdown (0.13.3)
    maruku (0.6.0)
      syntax (>= 1.0.0)
    mime-types (1.16)
    nanoc (3.2.1)
      nanoc3 (>= 3.2.1)
    nanoc3 (3.2.1)
      cri (~> 2.0)
    nokogiri (1.4.4)
    rack (1.3.2)
    syntax (1.0.0)

PLATFORMS
  ruby

DEPENDENCIES
  builder
  fssm
  json
  kramdown
  maruku
  mime-types
  nanoc
  nokogiri
  rack
